NUGET
  remote: https://api.nuget.org/v3/index.json
    NuGet.CommandLine (4.6.2)
    Topshelf (4.0.4) - restriction: >= net47
